GEM
  remote: http://rubygems.org/
  specs:
    daemons (1.1.8)
    eventmachine (0.12.10)
    json_pure (1.7.3)
    rack (1.4.1)
    rack-protection (1.2.0)
      rack
    rake (0.9.2)
    sinatra (1.3.2)
      rack (~> 1.3, >= 1.3.6)
      rack-protection (~> 1.2)
      tilt (~> 1.3, >= 1.3.3)
    spruz (0.2.13)
    thin (1.3.1)
      daemons (>= 1.0.9)
      eventmachine (>= 0.12.6)
      rack (>= 1.0.0)
    tilt (1.3.3)

PLATFORMS
  ruby

DEPENDENCIES
  json_pure (= 1.7.3)
  rake (= 0.9.2)
  sinatra (= 1.3.2)
  spruz (= 0.2.13)
  thin
  tilt (= 1.3.3)
