GEM
  remote: http://rubygems.org/
  specs:
    json_pure (1.5.3)
    rack (1.4.1)
    rake (0.9.2)
    sinatra (1.2.3)
      rack (~> 1.1)
      tilt (>= 1.2.2, < 2.0)
    tilt (1.3.3)

PLATFORMS
  ruby

DEPENDENCIES
  json_pure (= 1.5.3)
  rack (= 1.4.1)
  rake (= 0.9.2)
  sinatra (= 1.2.3)
  tilt (= 1.3.3)
